PATH
  remote: .
  specs:
    boston_marathon (0.0.1)
      nokogiri (= 1.5.0)
      rest-client (= 1.6.7)

GEM
  remote: http://rubygems.org/
  specs:
    fakeweb (1.3.0)
    mime-types (1.17.2)
    nokogiri (1.5.0)
    redgreen (1.2.2)
    rest-client (1.6.7)
      mime-types (>= 1.16)
    shoulda-context (1.0.0)
    vcr (1.11.3)

PLATFORMS
  ruby

DEPENDENCIES
  boston_marathon!
  fakeweb (= 1.3.0)
  redgreen (>= 1.2.2)
  shoulda-context (~> 1.0.0)
  vcr (= 1.11.3)
